GIT
  remote: git://github.com/muffinista/mediawiki-gateway.git
  revision: dd5c14551f75a4fe1ba8b0cb60ab19876b5a7d89
  specs:
    mediawiki-gateway (0.1.1)
      rest-client

GEM
  remote: http://rubygems.org/
  remote: http://gemcutter.org/
  remote: http://gems.github.com/
  specs:
    json (1.4.6)
    mime-types (1.16)
    rest-client (1.6.1)
      mime-types (>= 1.16)

PLATFORMS
  ruby

DEPENDENCIES
  json
  mediawiki-gateway!
